PATH
  remote: .
  specs:
    green (0.0.1)

GEM
  remote: http://rubygems.org/
  specs:
    addressable (2.2.8)
    columnize (0.3.5)
    cookiejar (0.3.0)
    debugger (1.1.3)
      columnize (>= 0.3.1)
      debugger-linecache (~> 1.1.1)
      debugger-ruby_core_source (~> 1.1.2)
    debugger-linecache (1.1.1)
      debugger-ruby_core_source (>= 1.1.1)
    debugger-ruby_core_source (1.1.2)
    em-http-request (1.0.2)
      addressable (>= 2.2.3)
      cookiejar
      em-socksify
      eventmachine (>= 1.0.0.beta.4)
      http_parser.rb (>= 0.5.3)
    em-socksify (0.2.0)
      eventmachine (>= 1.0.0.beta.4)
    eventmachine (1.0.0.beta.4)
    http_parser.rb (0.5.3)
    kgio (2.7.4)
    minitest (3.0.0)
    rack (1.4.1)
    raindrops (0.8.0)
    rr (1.0.4)
    unicorn (4.3.1)
      kgio (~> 2.6)
      rack
      raindrops (~> 0.7)

PLATFORMS
  ruby

DEPENDENCIES
  debugger
  em-http-request
  eventmachine (= 1.0.0.beta.4)
  green!
  minitest
  rr
  unicorn
