PATH
  remote: .
  specs:
    green (0.0.1)

GEM
  remote: http://rubygems.org/
  specs:
    addressable (2.2.7)
    em-http-request (1.0.0)
      addressable (>= 2.2.3)
      em-socksify
      eventmachine (>= 1.0.0.beta.3)
      http_parser.rb (>= 0.5.2)
    em-socksify (0.2.0)
      eventmachine (>= 1.0.0.beta.4)
    eventmachine (1.0.0.mail.7)
    http_parser.rb (0.5.3)
    kgio (2.7.4)
    rack (1.4.1)
    raindrops (0.8.0)
    unicorn (4.2.1)
      kgio (~> 2.6)
      rack
      raindrops (~> 0.7)

PLATFORMS
  ruby

DEPENDENCIES
  em-http-request
  eventmachine (~> 1.0.0.beta.4)
  green!
  unicorn
