PATH
  remote: .
  specs:
    green (0.1.0x)
      kgio (= 2.7.4)

GEM
  remote: http://rubygems.org/
  specs:
    activemodel (3.2.3)
      activesupport (= 3.2.3)
      builder (~> 3.0.0)
    activerecord (3.2.3)
      activemodel (= 3.2.3)
      activesupport (= 3.2.3)
      arel (~> 3.0.2)
      tzinfo (~> 0.3.29)
    activesupport (3.2.3)
      i18n (~> 0.6)
      multi_json (~> 1.0)
    addressable (2.2.8)
    algorithms (0.5.0)
    ansi (1.4.2)
    arel (3.0.2)
    builder (3.0.0)
    columnize (0.3.6)
    cookiejar (0.3.0)
    debugger (1.2.2)
      columnize (>= 0.3.1)
      debugger-linecache (~> 1.1.1)
      debugger-ruby_core_source (~> 1.1.5)
    debugger-linecache (1.1.2)
      debugger-ruby_core_source (>= 1.1.1)
    debugger-ruby_core_source (1.1.5)
    em-http-request (1.0.2)
      addressable (>= 2.2.3)
      cookiejar
      em-socksify
      eventmachine (>= 1.0.0.beta.4)
      http_parser.rb (>= 0.5.3)
    em-socksify (0.2.0)
      eventmachine (>= 1.0.0.beta.4)
    eventmachine (1.0.0.beta.4)
    ffi (1.2.0)
    ffi-rzmq (0.9.6)
      ffi
    http_parser.rb (0.5.3)
    i18n (0.6.0)
    kgio (2.7.4)
    minitest (3.0.0)
    minitest-reporters (0.7.1)
      ansi
      builder
      minitest (>= 2.0, < 4.0)
      ruby-progressbar
    multi_json (1.3.6)
    mysql2 (0.3.11)
    nio4r (0.3.3)
    rack (1.4.1)
    raindrops (0.8.0)
    rake (0.9.2.2)
    rr (1.0.4)
    ruby-progressbar (0.0.10)
    tzinfo (0.3.33)
    unicorn (4.3.1)
      kgio (~> 2.6)
      rack
      raindrops (~> 0.7)

PLATFORMS
  ruby

DEPENDENCIES
  activerecord
  algorithms
  debugger
  em-http-request
  eventmachine (= 1.0.0.beta.4)
  ffi-rzmq
  green!
  minitest
  minitest-reporters
  mysql2
  nio4r
  rake
  rr
  unicorn
